GIT
  remote: git://github.com/cardinalblue/rest-graph.git
  revision: 452f114389f2a9214211c9cdd1f710a605ff257b
  submodules: true
  specs:
    rest-graph (2.0.2)

GEM
  remote: http://rubygems.org/
  specs:
    daemons (1.1.8)
    eventmachine (0.12.10-x86-mswin32)
    faraday (0.8.1)
      multipart-post (~> 1.1)
    haml (3.1.6)
    hashie (1.2.0)
    httpauth (0.1)
    jwt (0.1.5)
      multi_json (>= 1.0)
    mime-types (1.19)
    multi_json (1.3.6)
    multipart-post (1.1.5)
    oauth2 (0.8.0)
      faraday (~> 0.8)
      httpauth (~> 0.1)
      jwt (~> 0.1.4)
      multi_json (~> 1.0)
      rack (~> 1.2)
    omniauth (1.1.0)
      hashie (~> 1.2)
      rack
    omniauth-facebook (1.4.1)
      omniauth-oauth2 (~> 1.1.0)
    omniauth-oauth2 (1.1.0)
      oauth2 (~> 0.8.0)
      omniauth (~> 1.0)
    rack (1.4.1)
    rest-client (1.4.2)
      mime-types (>= 1.16)
    sinatra (1.1.0)
      rack (~> 1.1)
      tilt (~> 1.1)
    thin (1.2.7-x86-mswin32)
      daemons (>= 1.0.9)
      eventmachine (>= 0.12.6)
      rack (>= 1.0.0)
    tilt (1.3.3)

PLATFORMS
  x86-mswin32

DEPENDENCIES
  haml (= 3.1.6)
  omniauth (= 1.1.0)
  omniauth-facebook
  rest-client (~> 1.4.0)
  rest-graph!
  sinatra (= 1.1.0)
  thin (= 1.2.7)
